GIT
  remote: https://github.com/datamapper/dm-core
  revision: 7cc4c145329e81d8b373a37694d050aa197c3699
  branch: release-1.2
  specs:
    dm-core (1.2.1)
      addressable (~> 2.3, >= 2.3.5)

GEM
  remote: https://rubygems.org/
  specs:
    addressable (2.3.5)
    data_objects (0.10.14)
      addressable (~> 2.1)
    dm-do-adapter (1.2.0)
      data_objects (~> 0.10.6)
      dm-core (~> 1.2.0)
    dm-mysql-adapter (1.2.0)
      dm-do-adapter (~> 1.2.0)
      do_mysql (~> 0.10.6)
    do_mysql (0.10.14)
      data_objects (= 0.10.14)
    faraday (0.8.9)
      multipart-post (~> 1.2.0)
    faraday_middleware (0.9.0)
      faraday (>= 0.7.4, < 0.9)
    foursquare2 (1.9.8)
      faraday (~> 0.8)
      faraday_middleware (>= 0.8)
      hashie (>= 1.0, < 3.0.0)
    hashie (2.0.5)
    jwt (0.1.11)
      multi_json (>= 1.5)
    multi_json (1.9.0)
    multi_xml (0.5.5)
    multipart-post (1.2.0)
    nmap-parser (0.3.5)
    oauth2 (0.9.3)
      faraday (>= 0.8, < 0.10)
      jwt (~> 0.1.8)
      multi_json (~> 1.3)
      multi_xml (~> 0.5)
      rack (~> 1.2)
    rack (1.5.2)
    rack-protection (1.5.2)
      rack
    sinatra (1.4.4)
      rack (~> 1.4)
      rack-protection (~> 1.4)
      tilt (~> 1.3, >= 1.3.4)
    sinatra-flash (0.3.0)
      sinatra (>= 1.0.0)
    tilt (1.4.1)

PLATFORMS
  ruby

DEPENDENCIES
  dm-core!
  dm-mysql-adapter
  foursquare2
  nmap-parser
  oauth2
  sinatra
  sinatra-flash
